GEM
  remote: https://rubygems.org/
  specs:

PLATFORMS
  arm64-darwin-21
  x86_64-darwin-19

DEPENDENCIES

BUNDLED WITH
   2.2.29
